GEM
  remote: https://rubygems.org/
  specs:
    badgerbadgerbadger (0.9.0)
      git (~> 1.2)
      thor (~> 0.18)
    git (1.2.7)
    thor (0.19.1)

PLATFORMS
  ruby

DEPENDENCIES
  badgerbadgerbadger
